NUGET
  remote: http://nuget.org/api/v2
  specs:
    Aether (6.0)
    FAKE (3.17.0)
    FParsec (1.0.1)
    Freya.Types (0.9.0-alpha-46)
      FParsec (>= 1.0.1)
      FSharp.Core (>= 3.1.2)
    Freya.Types.Uri (0.9.0-alpha-46)
      FParsec (>= 1.0.1)
      FSharp.Core (>= 3.1.2)
      Freya.Types (>= 0.9.0-alpha-46)
    FsCheck (1.0.4)
    FSharp.Core (3.1.2.1)
    Newtonsoft.Json (6.0.8)
    NuGet.CommandLine (2.8.3)
    NUnit (2.6.4)
    NUnit.Runners (2.6.4)
    Unquote (2.2.2)
